NUGET
  remote: https://nuget.org/api/v2
  specs:
    FAKE (3.17.0)
    FSharp.Compiler.Service (0.0.82)
    FSharp.Core (3.1.2.1)
    FSharp.Formatting (2.6.3)
      FSharp.Compiler.Service (>= 0.0.82)
    FSharpx.Collections (1.9.6)
    FsUnit (1.3.0.1)
      NUnit (>= 2.6.3)
    NuGet.CommandLine (2.8.3)
    NUnit (2.6.3)
    NUnit.Runners (2.6.4)
    Portable.Text.Encoding (0.7.0.0)
    Unquote (2.2.2)
    Yaaf.AdvancedBuilding (0.2.1)
      FAKE (>= 3.14.8)
      FSharp.Compiler.Service (>= 0.0.82)
      FSharp.Formatting (>= 2.6.3)
    Yaaf.Logging (1.0.1)
